GEM
  remote: https://rubygems.org/
  specs:
    minitest (5.5.1)

PLATFORMS
  ruby

DEPENDENCIES
  minitest (= 5.5.1)

RUBY VERSION
   ruby 2.3.1p112

BUNDLED WITH
   1.13.2
